PATH
  remote: .
  specs:
    em-proxy (0.1.9)
      eventmachine

GEM
  remote: http://rubygems.org/
  specs:
    addressable (2.4.0)
    ansi (1.5.0)
    cookiejar (0.3.3)
    diff-lcs (1.2.5)
    em-http-request (1.1.4)
      addressable (>= 2.3.4)
      cookiejar (!= 0.3.1)
      em-socksify (>= 0.3)
      eventmachine (>= 1.0.3)
      http_parser.rb (>= 0.6.0)
    em-socksify (0.3.1)
      eventmachine (>= 1.0.0.beta.4)
    eventmachine (1.2.0.1)
    http_parser.rb (0.6.0)
    posix-spawn (0.3.11)
    rake (12.3.3)
    rspec (3.4.0)
      rspec-core (~> 3.4.0)
      rspec-expectations (~> 3.4.0)
      rspec-mocks (~> 3.4.0)
    rspec-core (3.4.4)
      rspec-support (~> 3.4.0)
    rspec-expectations (3.4.0)
      diff-lcs (>= 1.2.0, < 2.0)
      rspec-support (~> 3.4.0)
    rspec-mocks (3.4.1)
      diff-lcs (>= 1.2.0, < 2.0)
      rspec-support (~> 3.4.0)
    rspec-support (3.4.1)

PLATFORMS
  ruby

DEPENDENCIES
  ansi
  em-http-request
  em-proxy!
  posix-spawn
  rake
  rspec

BUNDLED WITH
   1.12.5
